GEM
  remote: https://rubygems.org/
  specs:
    codecov (0.4.3)
      simplecov (>= 0.15, < 0.22)
    diff-lcs (1.4.4)
    docile (1.3.5)
    rake (13.0.1)
    rspec (3.9.0)
      rspec-core (~> 3.9.0)
      rspec-expectations (~> 3.9.0)
      rspec-mocks (~> 3.9.0)
    rspec-core (3.9.2)
      rspec-support (~> 3.9.3)
    rspec-expectations (3.9.2)
      diff-lcs (>= 1.2.0, < 2.0)
      rspec-support (~> 3.9.0)
    rspec-mocks (3.9.1)
      diff-lcs (>= 1.2.0, < 2.0)
      rspec-support (~> 3.9.0)
    rspec-support (3.9.3)
    simplecov (0.21.2)
      docile (~> 1.1)
      simplecov-html (~> 0.11)
      simplecov_json_formatter (~> 0.1)
    simplecov-html (0.12.3)
    simplecov_json_formatter (0.1.2)

PLATFORMS
  ruby

DEPENDENCIES
  codecov (~> 0.4.3)
  rake (~> 13.0, >= 13.0.1)
  rspec (~> 3.9)
  simplecov (~> 0.21.2)

BUNDLED WITH
   2.1.4
