GEM
  remote: https://rubygems.org/
  specs:
    codecov (0.1.17)
      json
      simplecov
      url
    diff-lcs (1.4.4)
    docile (1.3.2)
    json (2.3.1)
    rake (13.0.1)
    rspec (3.9.0)
      rspec-core (~> 3.9.0)
      rspec-expectations (~> 3.9.0)
      rspec-mocks (~> 3.9.0)
    rspec-core (3.9.2)
      rspec-support (~> 3.9.3)
    rspec-expectations (3.9.2)
      diff-lcs (>= 1.2.0, < 2.0)
      rspec-support (~> 3.9.0)
    rspec-mocks (3.9.1)
      diff-lcs (>= 1.2.0, < 2.0)
      rspec-support (~> 3.9.0)
    rspec-support (3.9.3)
    simplecov (0.18.5)
      docile (~> 1.1)
      simplecov-html (~> 0.11)
    simplecov-html (0.12.2)
    url (0.3.2)

PLATFORMS
  ruby

DEPENDENCIES
  codecov (~> 0.1.17)
  rake (~> 13.0, >= 13.0.1)
  rspec (~> 3.9)
  simplecov (~> 0.18.5)

BUNDLED WITH
   2.1.4
